PATH
  remote: .
  specs:
    basil (0.1.0.pre)
      fakefs
      faster_xml_simple
      log4r
      nokogiri
      ruby-dbus
      ruby-skype
      twitter

GEM
  remote: http://rubygems.org/
  specs:
    diff-lcs (1.1.3)
    fakefs (0.4.2)
    fakeweb (1.3.0)
    faraday (0.8.4)
      multipart-post (~> 1.1)
    faster_xml_simple (0.5.0)
      libxml-ruby (>= 0.3.8.4)
    libxml-ruby (2.4.0)
    log4r (1.1.10)
    mini_portile2 (2.4.0)
    multi_json (1.5.0)
    multipart-post (1.1.5)
    nokogiri (1.10.5)
      mini_portile2 (~> 2.4.0)
    rspec (2.12.0)
      rspec-core (~> 2.12.0)
      rspec-expectations (~> 2.12.0)
      rspec-mocks (~> 2.12.0)
    rspec-core (2.12.2)
    rspec-expectations (2.12.1)
      diff-lcs (~> 1.1.3)
    rspec-mocks (2.12.1)
    ruby-dbus (0.9.0)
    ruby-skype (0.1.0.pre.2)
    simple_oauth (0.2.0)
    simplecov (0.7.1)
      multi_json (~> 1.0)
      simplecov-html (~> 0.7.1)
    simplecov-html (0.7.1)
    twitter (4.4.2)
      faraday (~> 0.8)
      multi_json (~> 1.3)
      simple_oauth (~> 0.2)

PLATFORMS
  ruby

DEPENDENCIES
  basil!
  fakeweb
  rspec
  simplecov
